PATH
  remote: .
  specs:
    omniauth-wix (0.1.0)

GEM
  remote: https://rubygems.org/
  specs:
    rake (12.3.2)

PLATFORMS
  ruby

DEPENDENCIES
  omniauth-wix!
  rake (~> 12.0)

BUNDLED WITH
   2.0.2
